GIT
  remote: https://github.com/ajapon88/ruby-style_cop.git
  revision: cfe863202446e2ddc310e3a99926d265d1c346c2
  ref: 0.1.0
  specs:
    style_cop (0.1.0)
      highline

PATH
  remote: /Users/hatahata/project/pronto/pronto-style_cop
  specs:
    pronto-style_cop (0.9.0)
      pronto (~> 0.9.0)
      style_cop

GEM
  remote: https://rubygems.org/
  specs:
    addressable (2.5.2)
      public_suffix (>= 2.0.2, < 4.0)
    faraday (0.15.0)
      multipart-post (>= 1.2, < 3)
    gitlab (4.3.0)
      httparty
      terminal-table
    highline (1.7.10)
    httparty (0.16.2)
      multi_xml (>= 0.5.2)
    multi_xml (0.6.0)
    multipart-post (2.0.0)
    octokit (4.9.0)
      sawyer (~> 0.8.0, >= 0.5.3)
    pronto (0.9.5)
      gitlab (~> 4.0, >= 4.0.0)
      httparty (>= 0.13.7)
      octokit (~> 4.7, >= 4.7.0)
      rainbow (~> 2.1)
      rugged (~> 0.24, >= 0.23.0)
      thor (~> 0.19.0)
    public_suffix (3.0.2)
    rainbow (2.2.2)
      rake
    rake (12.3.1)
    rugged (0.27.0)
    sawyer (0.8.1)
      addressable (>= 2.3.5, < 2.6)
      faraday (~> 0.8, < 1.0)
    terminal-table (1.8.0)
      unicode-display_width (~> 1.1, >= 1.1.1)
    thor (0.19.4)
    unicode-display_width (1.3.2)

PLATFORMS
  ruby

DEPENDENCIES
  pronto
  pronto-style_cop!
  style_cop!

BUNDLED WITH
   1.16.1
